GEM
  remote: https://rubygems.org/
  specs:
    json (2.5.1)

PLATFORMS
  ruby

DEPENDENCIES
  json

BUNDLED WITH
   1.17.3
